NUGET
  remote: http://api.nuget.org/v3/index.json
  specs:
    Nuget.CommandLine (3.3.0)
